PATH
  remote: .
  specs:
    prismic.io (1.3.5)
      hashery (~> 2.1.1)

GEM
  remote: https://rubygems.org/
  specs:
    codeclimate-test-reporter (0.4.1)
      simplecov (>= 0.7.1, < 1.0.0)
    diff-lcs (1.2.4)
    hashery (2.1.1)
    mini_portile2 (2.8.0)
    multi_json (1.8.0)
    nokogiri (1.13.4)
      mini_portile2 (~> 2.8.0)
      racc (~> 1.4)
    nokogiri (1.13.4-java)
      racc (~> 1.4)
    racc (1.6.0)
    racc (1.6.0-java)
    rspec (2.14.1)
      rspec-core (~> 2.14.0)
      rspec-expectations (~> 2.14.0)
      rspec-mocks (~> 2.14.0)
    rspec-core (2.14.4)
    rspec-expectations (2.14.0)
      diff-lcs (>= 1.1.3, < 2.0)
    rspec-mocks (2.14.2)
    simplecov (0.7.1)
      multi_json (~> 1.0)
      simplecov-html (~> 0.7.1)
    simplecov-html (0.7.1)
    yajl-ruby (1.1.0)

PLATFORMS
  java
  ruby

DEPENDENCIES
  bundler (~> 1.3)
  codeclimate-test-reporter
  hashery (~> 2.1.1)
  nokogiri (~> 1.6)
  prismic.io!
  rspec (~> 2.14)
  simplecov (~> 0.7)
  yajl-ruby
